GEM
  remote: https://rubygems.org/
  specs:
    actionmailer (2.3.12)
      actionpack (= 2.3.12)
    actionpack (2.3.12)
      activesupport (= 2.3.12)
      rack (~> 1.1.0)
    activerecord (2.3.12)
      activesupport (= 2.3.12)
    activeresource (2.3.12)
      activesupport (= 2.3.12)
    activesupport (2.3.12)
    coffee-script (2.4.1)
      coffee-script-source
      execjs
    coffee-script-source (1.10.0)
    execjs (2.6.0)
    figaro (1.1.1)
      thor (~> 0.14)
    haml (4.0.7)
      tilt
    hike (1.2.3)
    json (1.8.3)
    multi_json (1.11.2)
    rack (1.1.6)
    rails (2.3.12)
      actionmailer (= 2.3.12)
      actionpack (= 2.3.12)
      activerecord (= 2.3.12)
      activeresource (= 2.3.12)
      activesupport (= 2.3.12)
      rake (>= 0.8.3)
    rake (0.8.7)
    sass (3.4.21)
    simple_form (1.4.1)
    slim (3.0.6)
      temple (~> 0.7.3)
      tilt (>= 1.3.3, < 2.1)
    slim-rails (0.2.1)
      slim (>= 0.9.2)
    sprockets (2.12.4)
      hike (~> 1.2)
      multi_json (~> 1.0)
      rack (~> 1.0)
      tilt (~> 1.1, != 1.3.0)
    sprockets-sass (1.3.1)
      sprockets (~> 2.0)
      tilt (~> 1.1)
    sqlite3 (1.3.11)
    temple (0.7.6)
    thor (0.19.1)
    tilt (1.4.1)
    turbolinks (0.5.1)
    uglifier (2.7.2)
      execjs (>= 0.3.0)
      json (>= 1.8.0)

PLATFORMS
  ruby

DEPENDENCIES
  coffee-script
  figaro
  haml
  rails (= 2.3.12)
  rake (= 0.8.7)
  sass
  simple_form
  slim-rails
  sprockets (~> 2.0)
  sprockets-sass
  sqlite3
  turbolinks
  uglifier

BUNDLED WITH
   1.11.2
